PATH
  remote: .
  specs:
    terrestrial (0.5.0)
      fetchable (~> 1.0)
      sequel (~> 5.0)

GEM
  remote: https://rubygems.org/
  specs:
    backports (3.20.2)
    builder (3.2.4)
    coderay (1.1.3)
    cucumber (3.2.0)
      builder (>= 2.1.2)
      cucumber-core (~> 3.2.0)
      cucumber-expressions (~> 6.0.1)
      cucumber-wire (~> 0.0.1)
      diff-lcs (~> 1.3)
      gherkin (~> 5.1.0)
      multi_json (>= 1.7.5, < 2.0)
      multi_test (>= 0.1.2)
    cucumber-core (3.2.1)
      backports (>= 3.8.0)
      cucumber-tag_expressions (~> 1.1.0)
      gherkin (~> 5.0)
    cucumber-expressions (6.0.1)
    cucumber-tag_expressions (1.1.1)
    cucumber-wire (0.0.1)
    diff-lcs (1.4.4)
    fetchable (1.0.0)
    gherkin (5.1.0)
    method_source (1.0.0)
    multi_json (1.15.0)
    multi_test (0.1.2)
    pg (1.2.3)
    pry (0.14.0)
      coderay (~> 1.1)
      method_source (~> 1.0)
    rake (13.0.3)
    rspec (3.10.0)
      rspec-core (~> 3.10.0)
      rspec-expectations (~> 3.10.0)
      rspec-mocks (~> 3.10.0)
    rspec-core (3.10.1)
      rspec-support (~> 3.10.0)
    rspec-expectations (3.10.1)
      diff-lcs (>= 1.2.0, < 2.0)
      rspec-support (~> 3.10.0)
    rspec-mocks (3.10.2)
      diff-lcs (>= 1.2.0, < 2.0)
      rspec-support (~> 3.10.0)
    rspec-support (3.10.2)
    sequel (5.42.0)

PLATFORMS
  ruby

DEPENDENCIES
  bundler (~> 1)
  cucumber (~> 3.1)
  pg (~> 1.0)
  pry (~> 0.13)
  rake (~> 13.0)
  rspec (~> 3.9)
  terrestrial!

BUNDLED WITH
   1.17.1
